GEM
  remote: https://rubygems.org/
  specs:
    json (1.8.3)
    mini_portile (0.6.2)
    nokogiri (1.6.6.2)
      mini_portile (~> 0.6.0)
    ruby-progressbar (1.7.5)

PLATFORMS
  ruby

DEPENDENCIES
  json (= 1.8.3)
  nokogiri (= 1.6.6.2)
  ruby-progressbar (= 1.7.5)

BUNDLED WITH
   1.10.6
